GEM
  remote: http://rubygems.org/
  specs:
    coderay (1.1.1)
    concurrent-ruby (1.0.2)
    marky_markov (0.3.5)
      msgpack
    method_source (0.8.2)
    msgpack (1.0.0)
    pry (0.10.4)
      coderay (~> 1.1.0)
      method_source (~> 0.8.1)
      slop (~> 3.4)
    rack (1.6.4)
    rack-protection (1.5.3)
      rack
    sass (3.4.22)
    sinatra (1.4.7)
      rack (~> 1.5)
      rack-protection (~> 1.4)
      tilt (>= 1.3, < 3)
    slop (3.6.0)
    sprockets (3.7.0)
      concurrent-ruby (~> 1.0)
      rack (> 1, < 3)
    tilt (2.0.5)

PLATFORMS
  ruby

DEPENDENCIES
  marky_markov
  pry
  sass
  sinatra
  sprockets

BUNDLED WITH
   1.11.2
