GEM
  remote: http://rubygems.org/
  specs:
    concurrent-ruby (1.0.2)
    marky_markov (0.3.5)
      msgpack
    msgpack (1.0.0)
    rack (1.6.4)
    rack-protection (1.5.3)
      rack
    sass (3.4.22)
    sinatra (1.4.7)
      rack (~> 1.5)
      rack-protection (~> 1.4)
      tilt (>= 1.3, < 3)
    sprockets (3.7.0)
      concurrent-ruby (~> 1.0)
      rack (> 1, < 3)
    tilt (2.0.5)

PLATFORMS
  ruby

DEPENDENCIES
  marky_markov
  sass
  sinatra
  sprockets

BUNDLED WITH
   1.11.2
